PATH
  remote: .
  specs:
    etl_ruby_wrapper (0.1.0)

GEM
  remote: https://rubygems.org/
  specs:
    rake (13.2.1)

PLATFORMS
  arm64-darwin-23
  ruby

DEPENDENCIES
  etl_ruby_wrapper!
  rake (~> 13.0)

BUNDLED WITH
   2.5.16
